GEM
  remote: https://rubygems.org/
  specs:
    net-ping (2.0.5)

PLATFORMS
  ruby

DEPENDENCIES
  net-ping

BUNDLED WITH
   1.16.2
